PATH
  remote: .
  specs:
    delayed_paperclip (0.6.5)
      paperclip (~> 2.3.0)

GEM
  remote: http://rubygems.org/
  specs:
    activemodel (3.0.9)
      activesupport (= 3.0.9)
      builder (~> 2.1.2)
      i18n (~> 0.5.0)
    activerecord (3.0.9)
      activemodel (= 3.0.9)
      activesupport (= 3.0.9)
      arel (~> 2.0.10)
      tzinfo (~> 0.3.23)
    activesupport (3.0.9)
    arel (2.0.10)
    builder (2.1.2)
    daemons (1.1.4)
    delayed_job (2.1.4)
      activesupport (~> 3.0)
      daemons
    i18n (0.5.0)
    json (1.5.3)
    mocha (0.9.12)
    paperclip (2.3.11)
      activerecord (>= 2.3.0)
      activesupport (>= 2.3.2)
    rack (1.3.0)
    redis (2.2.1)
    redis-namespace (1.0.3)
      redis (< 3.0.0)
    resque (1.17.1)
      json (>= 1.4.6, < 1.6)
      redis-namespace (~> 1.0.2)
      sinatra (>= 0.9.2)
      vegas (~> 0.1.2)
    sinatra (1.2.6)
      rack (~> 1.1)
      tilt (>= 1.2.2, < 2.0)
    sqlite3 (1.3.3)
    sqlite3-ruby (1.3.3)
      sqlite3 (>= 1.3.3)
    tilt (1.3.2)
    tzinfo (0.3.28)
    vegas (0.1.8)
      rack (>= 1.0.0)

PLATFORMS
  ruby

DEPENDENCIES
  activerecord
  delayed_job
  delayed_paperclip!
  mocha
  resque
  sqlite3-ruby
